{
    "TaskName": "tapping",
    "Manufacturer": "SNIRF",
    "PowerLineFrequency": 50,
    "SamplingFrequency": 7.8125,
    "SoftwareFilters": "n/a",
    "RecordingDuration": 2415.872,
    "RecordingType": "continuous",
    "EEGChannelCount": 0,
    "EOGChannelCount": 0,
    "ECGChannelCount": 0,
    "EMGChannelCount": 0,
    "MiscChannelCount": 0,
    "NIRSCWChannelCount": 56,
    "NIRSCWSourceOptodeCount": 8,
    "NIRSCWDetectorOptodeCount": 16,
    "TriggerChannelCount": 0
}
